GEM
  remote: https://rubygems.org/
  specs:
    graphql (1.7.3)
    mustermann (1.0.1)
    pg (0.21.0)
    puma (3.10.0)
    rack (2.0.3)
    rack-protection (2.0.0)
      rack
    rake (12.0.0)
    sequel (5.0.0)
    sequel-rake (0.2.0)
      thor (~> 0.19)
    sinatra (2.0.0)
      mustermann (~> 1.0)
      rack (~> 2.0)
      rack-protection (= 2.0.0)
      tilt (~> 2.0)
    thor (0.20.0)
    tilt (2.0.8)

PLATFORMS
  ruby

DEPENDENCIES
  graphql
  pg
  puma
  rake
  sequel
  sequel-rake
  sinatra

BUNDLED WITH
   1.15.4
